PATH
  remote: .
  specs:
    minesweeper-curses (0.1.1)

GEM
  remote: https://rubygems.org/
  specs:
    coderay (1.1.1)
    curses (1.0.2)
    diff-lcs (1.3)
    docile (1.1.5)
    json (1.8.6)
    method_source (0.8.2)
    minitest (5.10.2)
    pry (0.10.4)
      coderay (~> 1.1.0)
      method_source (~> 0.8.1)
      slop (~> 3.4)
    rake (10.5.0)
    rspec (3.6.0)
      rspec-core (~> 3.6.0)
      rspec-expectations (~> 3.6.0)
      rspec-mocks (~> 3.6.0)
    rspec-core (3.6.0)
      rspec-support (~> 3.6.0)
    rspec-expectations (3.6.0)
      diff-lcs (>= 1.2.0, < 2.0)
      rspec-support (~> 3.6.0)
    rspec-mocks (3.6.0)
      diff-lcs (>= 1.2.0, < 2.0)
      rspec-support (~> 3.6.0)
    rspec-support (3.6.0)
    sequel (4.46.0)
    simplecov (0.11.2)
      docile (~> 1.1.0)
      json (~> 1.8)
      simplecov-html (~> 0.10.0)
    simplecov-html (0.10.0)
    slop (3.6.0)
    sqlite3 (1.3.13)

PLATFORMS
  ruby

DEPENDENCIES
  bundler (~> 1.14)
  curses (~> 1.0.2)
  minesweeper-curses!
  minitest (~> 5.0)
  pry
  rake (~> 10.0)
  rspec (~> 3.6.0)
  sequel
  simplecov (~> 0.11.2)
  sqlite3

BUNDLED WITH
   1.14.6
